GEM
  remote: https://rubygems.org/
  specs:
    docopt (0.6.1)
    httparty (0.16.0)
      multi_xml (>= 0.5.2)
    mini_portile2 (2.8.0)
    multi_xml (0.6.0)
    nokogiri (1.13.9)
      mini_portile2 (~> 2.8.0)
      racc (~> 1.4)
    racc (1.6.0)

PLATFORMS
  ruby

DEPENDENCIES
  docopt (~> 0.6.1)
  httparty (~> 0.16.0)
  nokogiri (~> 1.13.9)

BUNDLED WITH
   1.15.1
