GEM
  remote: https://rubygems.org/
  specs:
    docopt (0.6.1)
    httparty (0.16.4)
      mime-types (~> 3.0)
      multi_xml (>= 0.5.2)
    mime-types (3.4.1)
      mime-types-data (~> 3.2015)
    mime-types-data (3.2022.0105)
    multi_xml (0.6.0)
    nokogiri (1.16.2-x86_64-linux)
      racc (~> 1.4)
    racc (1.7.3)

PLATFORMS
  x86_64-linux

DEPENDENCIES
  docopt (~> 0.6.1)
  httparty (~> 0.16.0)
  nokogiri (~> 1.16.2)

BUNDLED WITH
   2.3.15
