GEM
  remote: https://rubygems.org/
  specs:
    docopt (0.6.1)
    httparty (0.16.0)
      multi_xml (>= 0.5.2)
    mini_portile2 (2.8.1)
    multi_xml (0.6.0)
    nokogiri (1.13.10)
      mini_portile2 (~> 2.8.0)
      racc (~> 1.4)
    racc (1.6.2)

PLATFORMS
  ruby

DEPENDENCIES
  docopt (~> 0.6.1)
  httparty (~> 0.16.0)
  nokogiri (~> 1.13.10)

BUNDLED WITH
   1.17.3
