GEM
  remote: https://rubygems.org/
  specs:
    docopt (0.6.1)
    httparty (0.16.0)
      multi_xml (>= 0.5.2)
    mini_portile2 (2.3.0)
    multi_xml (0.6.0)
    nokogiri (1.8.2)
      mini_portile2 (~> 2.3.0)

PLATFORMS
  ruby

DEPENDENCIES
  docopt (~> 0.6.1)
  httparty (~> 0.16.0)
  nokogiri (~> 1.8)

BUNDLED WITH
   1.15.1
