GEM
  remote: https://rubygems.org/
  specs:
    docopt (0.6.1)
    httparty (0.16.0)
      multi_xml (>= 0.5.2)
    mini_portile2 (2.5.1)
    multi_xml (0.6.0)
    nokogiri (1.11.4)
      mini_portile2 (~> 2.5.0)
      racc (~> 1.4)
    racc (1.5.2)

PLATFORMS
  ruby

DEPENDENCIES
  docopt (~> 0.6.1)
  httparty (~> 0.16.0)
  nokogiri (~> 1.11.4)

BUNDLED WITH
   1.15.1
